GEM
  remote: https://rubygems.org/
  specs:
    coderay (1.1.3)
    ffi (1.17.2-java)
    listen (3.9.0)
      rb-fsevent (~> 0.10, >= 0.10.3)
      rb-inotify (~> 0.9, >= 0.9.10)
    method_source (1.1.0)
    pry (0.15.2-java)
      coderay (~> 1.1)
      method_source (~> 1.0)
      spoon (~> 0.0)
    pry-debugger-jruby (2.2.1-java)
      pry (>= 0.13, < 0.16)
      ruby-debug-base (>= 0.10.4, < 0.12)
    rb-fsevent (0.11.2)
    rb-inotify (0.11.1)
      ffi (~> 1.0)
    ruby-debug-base (0.11.0-java)
    spoon (0.0.6)
      ffi

PLATFORMS
  universal-java-17

DEPENDENCIES
  listen
  pry-debugger-jruby

BUNDLED WITH
   2.6.3
